PATH
  remote: ../../../../Users/andor/Projects/persie_theme_rails_guides
  specs:
    persie_theme_rails_guides (0.0.1)

PATH
  remote: ../../../../Users/andor/Projects/persie
  specs:
    persie (0.0.3.beta.2)
      asciidoctor (= 1.5.5)
      colorize (= 0.8.1)
      gepub (= 0.6.9.2)
      liquid (= 4.0.0)
      nokogiri (= 1.6.8.1)
      rouge (= 2.0.7)
      thor (= 0.19.4)
      thread_safe (= 0.3.5)
      uuid (= 2.3.8)

GEM
  remote: https://rubygems.org/
  specs:
    asciidoctor (1.5.5)
    colorize (0.8.1)
    gepub (0.6.9.2)
      nokogiri (~> 1.6.1)
      rubyzip (>= 1.1.1)
    liquid (4.0.0)
    macaddr (1.7.1)
      systemu (~> 2.6.2)
    mini_portile2 (2.1.0)
    nokogiri (1.6.8.1)
      mini_portile2 (~> 2.1.0)
    rake (12.0.0)
    rouge (2.0.7)
    rubyzip (1.2.0)
    systemu (2.6.5)
    thor (0.19.4)
    thread_safe (0.3.5)
    uuid (2.3.8)
      macaddr (~> 1.0)

PLATFORMS
  ruby

DEPENDENCIES
  persie!
  persie_theme_rails_guides!
  rake

BUNDLED WITH
   1.14.3
