PATH
  remote: ~/Projects/persie
  specs:
    persie (0.0.2.beta.1)
      asciidoctor (= 1.5.3)
      colorize (= 0.7.7)
      gepub (= 0.6.9.2)
      liquid (= 3.0.6)
      nokogiri (= 1.6.6.2)
      rouge (= 2.0.2)
      thor (= 0.19.1)
      thread_safe (= 0.3.5)
      uuid (= 2.3.8)

GEM
  remote: https://rubygems.org/
  specs:
    asciidoctor (1.5.3)
    colorize (0.7.7)
    gepub (0.6.9.2)
      nokogiri (~> 1.6.1)
      rubyzip (>= 1.1.1)
    liquid (3.0.6)
    macaddr (1.7.1)
      systemu (~> 2.6.2)
    mini_portile (0.6.2)
    nokogiri (1.6.6.2)
      mini_portile (~> 0.6.0)
    rake (11.3.0)
    rouge (2.0.2)
    rubyzip (1.2.0)
    systemu (2.6.5)
    thor (0.19.1)
    thread_safe (0.3.5)
    uuid (2.3.8)
      macaddr (~> 1.0)

PLATFORMS
  ruby

DEPENDENCIES
  persie!
  rake

BUNDLED WITH
   1.12.3
